GIT
  remote: https://github.com/chadrem/workers.git
  revision: eeabc74d33a9e216cdb234dbaa5c43906251f1fc
  specs:
    workers (0.4.0)

PATH
  remote: .
  specs:
    tribe (0.5.0)
      workers (~> 0.4)

GEM
  remote: https://rubygems.org/
  specs:
    coveralls (0.8.2)
      json (~> 1.8)
      rest-client (>= 1.6.8, < 2)
      simplecov (~> 0.10.0)
      term-ansicolor (~> 1.3)
      thor (~> 0.19.1)
    docile (1.1.5)
    domain_name (0.5.24)
      unf (>= 0.0.5, < 1.0.0)
    http-cookie (1.0.2)
      domain_name (~> 0.5)
    json (1.8.3)
    json (1.8.3-java)
    mime-types (2.6.1)
    minitest (5.7.0)
    netrc (0.10.3)
    rake (10.4.2)
    rest-client (1.8.0)
      http-cookie (>= 1.0.2, < 2.0)
      mime-types (>= 1.16, < 3.0)
      netrc (~> 0.7)
    simplecov (0.10.0)
      docile (~> 1.1.0)
      json (~> 1.8)
      simplecov-html (~> 0.10.0)
    simplecov-html (0.10.0)
    term-ansicolor (1.3.2)
      tins (~> 1.0)
    thor (0.19.1)
    tins (1.5.4)
    unf (0.1.4)
      unf_ext
    unf (0.1.4-java)
    unf_ext (0.0.7.1)

PLATFORMS
  java
  ruby

DEPENDENCIES
  bundler (~> 1.10)
  coveralls
  minitest
  rake (~> 10.0)
  tribe!
  workers!

BUNDLED WITH
   1.10.5
