PATH
  remote: .
  specs:
    tribe (0.0.11)
      workers (= 0.1.1)

GEM
  remote: https://rubygems.org/
  specs:
    workers (0.1.1)

PLATFORMS
  java
  ruby

DEPENDENCIES
  tribe!
