PATH
  remote: .
  specs:
    tribe (0.2.2)
      workers (= 0.1.4)

GEM
  remote: https://rubygems.org/
  specs:
    workers (0.1.4)

PLATFORMS
  java
  ruby

DEPENDENCIES
  tribe!
