PATH
  remote: .
  specs:
    tribe (0.0.6)
      workers (= 0.0.6)

GEM
  remote: https://rubygems.org/
  specs:
    workers (0.0.6)

PLATFORMS
  java
  ruby

DEPENDENCIES
  tribe!
