PATH
  remote: .
  specs:
    tribe (0.0.10)
      workers (= 0.0.8)

GEM
  remote: https://rubygems.org/
  specs:
    workers (0.0.8)

PLATFORMS
  java
  ruby

DEPENDENCIES
  tribe!
