PATH
  remote: .
  specs:
    tribe (0.0.4)

GEM
  remote: https://rubygems.org/
  specs:

PLATFORMS
  ruby

DEPENDENCIES
  tribe!
