PATH
  remote: .
  specs:
    tribe (0.3.1)
      workers (= 0.2.2)

GEM
  remote: https://rubygems.org/
  specs:
    workers (0.2.2)

PLATFORMS
  java
  ruby

DEPENDENCIES
  tribe!
