PATH
  remote: .
  specs:
    tribe (0.1.0)
      workers (= 0.1.2)

GEM
  remote: https://rubygems.org/
  specs:
    workers (0.1.2)

PLATFORMS
  java
  ruby

DEPENDENCIES
  tribe!
