PATH
  remote: .
  specs:
    tribe (0.5.0)
      workers (~> 0.2)

GEM
  remote: https://rubygems.org/
  specs:
    minitest (5.7.0)
    rake (10.4.2)
    workers (0.2.2)

PLATFORMS
  java
  ruby

DEPENDENCIES
  bundler (~> 1.10)
  minitest
  rake (~> 10.0)
  tribe!

BUNDLED WITH
   1.10.5
